GEM
  specs:
    ansi (1.2.2)
    diff-lcs (1.1.2)
    facets (2.9.0)
    rspec (2.6.0)
      rspec-core (~> 2.6.0)
      rspec-expectations (~> 2.6.0)
      rspec-mocks (~> 2.6.0)
    rspec-core (2.6.3)
    rspec-expectations (2.6.0)
      diff-lcs (~> 1.1.2)
    rspec-mocks (2.6.0)
    vclog (1.7.0)
      ansi (>= 1.2)
      facets (>= 2.4)

PLATFORMS
  ruby

DEPENDENCIES
  rspec
  vclog
